GEM
  remote: https://rubygems.org/
  specs:
    Ascii85 (1.0.2)
    addressable (2.5.1)
      public_suffix (~> 2.0, >= 2.0.2)
    afm (0.2.2)
    asciidoctor (1.5.6.1)
    asciidoctor-diagram (1.5.4.1)
      asciidoctor (~> 1.5.0)
    asciidoctor-epub3 (1.5.0.alpha.7)
      asciidoctor (~> 1.5.0)
      gepub (~> 0.6.9.2)
      thread_safe (~> 0.3.6)
    asciidoctor-pdf (1.5.0.alpha.16)
      asciidoctor (>= 1.5.0)
      prawn (>= 1.3.0, < 2.3.0)
      prawn-icon (= 1.3.0)
      prawn-svg (>= 0.21.0, < 0.28.0)
      prawn-table (= 0.2.2)
      prawn-templates (>= 0.0.3, <= 0.1.1)
      safe_yaml (~> 1.0.4)
      thread_safe (~> 0.3.6)
      treetop (= 1.5.3)
    awesome_print (1.8.0)
    coderay (1.1.1)
    css_parser (1.5.0)
      addressable
    epubcheck (3.0.1)
    gepub (0.6.9.2)
      nokogiri (~> 1.6.1)
      rubyzip (>= 1.1.1)
    hashery (2.1.2)
    json (2.1.0)
    kindlegen (3.0.3)
      rake
      rubyzip
    mini_portile2 (2.1.0)
    multi_json (1.12.1)
    nokogiri (1.6.8.1)
      mini_portile2 (~> 2.1.0)
    pdf-core (0.6.1)
    pdf-reader (1.4.1)
      Ascii85 (~> 1.0.0)
      afm (~> 0.2.1)
      hashery (~> 2.0)
      ruby-rc4
      ttfunk
    polyglot (0.3.5)
    prawn (2.1.0)
      pdf-core (~> 0.6.1)
      ttfunk (~> 1.4.0)
    prawn-icon (1.3.0)
      prawn (>= 1.1.0, < 3.0.0)
    prawn-svg (0.25.2)
      css_parser (~> 1.3)
      prawn (>= 0.11.1, < 3)
    prawn-table (0.2.2)
      prawn (>= 1.3.0, < 3.0.0)
    prawn-templates (0.0.4)
      pdf-core (>= 0.5.0)
      pdf-reader (~> 1.3)
      prawn (>= 2.1.0)
    public_suffix (2.0.5)
    pygments.rb (1.1.2)
      multi_json (>= 1.0.0)
    rake (12.0.0)
    ruby-rc4 (0.1.5)
    rubyzip (1.2.1)
    safe_yaml (1.0.4)
    thread_safe (0.3.6)
    treetop (1.5.3)
      polyglot (~> 0.3)
    ttfunk (1.4.0)

PLATFORMS
  ruby

DEPENDENCIES
  asciidoctor (= 1.5.6.1)
  asciidoctor-diagram (= 1.5.4.1)
  asciidoctor-epub3 (= 1.5.0.alpha.7)
  asciidoctor-pdf (= 1.5.0.alpha.16)
  awesome_print
  coderay
  epubcheck
  json
  kindlegen
  nokogiri (>= 1.6.7.rc3)
  prawn (= 2.1.0)
  prawn-svg (= 0.25.2)
  pygments.rb
  rake
  thread_safe

BUNDLED WITH
   1.11.2
